GEM
  remote: https://rubygems.org/
  specs:
    actionmailer (3.2.12)
      actionpack (= 3.2.12)
      mail (~> 2.4.4)
    actionpack (3.2.12)
      activemodel (= 3.2.12)
      activesupport (= 3.2.12)
      builder (~> 3.0.0)
      erubis (~> 2.7.0)
      journey (~> 1.0.4)
      rack (~> 1.4.5)
      rack-cache (~> 1.2)
      rack-test (~> 0.6.1)
      sprockets (~> 2.2.1)
    activemodel (3.2.12)
      activesupport (= 3.2.12)
      builder (~> 3.0.0)
    activerecord (3.2.12)
      activemodel (= 3.2.12)
      activesupport (= 3.2.12)
      arel (~> 3.0.2)
      tzinfo (~> 0.3.29)
    activeresource (3.2.12)
      activemodel (= 3.2.12)
      activesupport (= 3.2.12)
    activesupport (3.2.12)
      i18n (~> 0.6)
      multi_json (~> 1.0)
    addressable (2.3.3)
    arel (3.0.2)
    backports (3.3.0)
    bcrypt-ruby (3.0.1)
    bootstrap-sass (2.3.1.0)
      sass (~> 3.2)
    builder (3.0.4)
    coffee-rails (3.2.2)
      coffee-script (>= 2.2.0)
      railties (~> 3.2.0)
    coffee-script (2.2.0)
      coffee-script-source
      execjs
    coffee-script-source (1.6.2)
    daemons (1.1.9)
    devise (2.2.3)
      bcrypt-ruby (~> 3.0)
      orm_adapter (~> 0.1)
      railties (~> 3.1)
      warden (~> 1.2.1)
    ebnf (0.3.0)
      rdf
      sxp
    erubis (2.7.0)
    eventmachine (1.0.3)
    execjs (1.4.0)
      multi_json (~> 1.0)
    haml (4.0.2)
      tilt
    hike (1.2.2)
    htmlentities (4.3.1)
    i18n (0.6.4)
    journey (1.0.4)
    jquery-rails (2.2.1)
      railties (>= 3.0, < 5.0)
      thor (>= 0.14, < 2.0)
    json (1.7.7)
    json-ld (0.9.1)
      backports
      json (>= 1.7.5)
      rdf (>= 1.0)
    json_pure (1.7.7)
    linkeddata (1.0.0)
      json-ld (>= 0.9.0)
      rdf (>= 1.0)
      rdf-isomorphic (>= 1.0)
      rdf-json (>= 1.0)
      rdf-microdata (>= 1.0)
      rdf-n3 (>= 1.0)
      rdf-rdfa (>= 1.0)
      rdf-rdfxml (>= 1.0)
      rdf-trig (>= 1.0.0.beta1)
      rdf-trix (>= 1.0)
      rdf-turtle (>= 1.0)
    mail (2.4.4)
      i18n (>= 0.4.0)
      mime-types (~> 1.16)
      treetop (~> 1.4.8)
    mime-types (1.22)
    multi_json (1.7.2)
    nokogiri (1.5.9)
    orm_adapter (0.4.0)
    polyglot (0.3.3)
    rack (1.4.5)
    rack-cache (1.2)
      rack (>= 0.4)
    rack-ssl (1.3.3)
      rack
    rack-test (0.6.2)
      rack (>= 1.0)
    rails (3.2.12)
      actionmailer (= 3.2.12)
      actionpack (= 3.2.12)
      activerecord (= 3.2.12)
      activeresource (= 3.2.12)
      activesupport (= 3.2.12)
      bundler (~> 1.0)
      railties (= 3.2.12)
    railties (3.2.12)
      actionpack (= 3.2.12)
      activesupport (= 3.2.12)
      rack-ssl (~> 1.3.2)
      rake (>= 0.8.7)
      rdoc (~> 3.4)
      thor (>= 0.14.6, < 2.0)
    rake (10.0.4)
    rdf (1.0.4)
      addressable (>= 2.2)
    rdf-isomorphic (1.0.0)
      rdf (>= 1.0)
    rdf-json (1.0.0)
      json_pure (>= 1.4)
      rdf (>= 1.0)
    rdf-microdata (1.0.0)
      htmlentities (>= 4.3.0)
      json (>= 1.7.6)
      rdf (>= 1.0)
      rdf-xsd (>= 1.0)
    rdf-n3 (1.0.0)
      rdf (>= 1.0)
    rdf-rdfa (1.0.0)
      backports
      haml (>= 3.1.7)
      htmlentities (>= 4.3.1)
      rdf (>= 1.0)
      rdf-xsd (>= 1.0)
    rdf-rdfxml (1.0.0)
      rdf (>= 1.0)
      rdf-xsd (>= 1.0)
    rdf-trig (1.0.0.beta3)
      ebnf (>= 0.2.0)
      rdf (>= 1.0)
      rdf-turtle (>= 1.0)
    rdf-trix (1.0.0)
      rdf (>= 1.0)
    rdf-turtle (1.0.3)
      ebnf (>= 0.2.1)
      rdf (>= 1.0)
    rdf-xsd (1.0.0)
      backports
      nokogiri (>= 1.5.0)
      rdf (>= 0.3.4)
    rdoc (3.12.2)
      json (~> 1.4)
    sass (3.2.7)
    sass-rails (3.2.6)
      railties (~> 3.2.0)
      sass (>= 3.1.10)
      tilt (~> 1.3)
    sprockets (2.2.2)
      hike (~> 1.2)
      multi_json (~> 1.0)
      rack (~> 1.0)
      tilt (~> 1.1, != 1.3.0)
    sqlite3 (1.3.7)
    sxp (0.1.2)
      json (>= 1.1.1)
    thin (1.5.1)
      daemons (>= 1.0.9)
      eventmachine (>= 0.12.6)
      rack (>= 1.0.0)
    thor (0.18.1)
    tilt (1.3.7)
    treetop (1.4.12)
      polyglot
      polyglot (>= 0.3.1)
    tzinfo (0.3.37)
    uglifier (2.0.1)
      execjs (>= 0.3.0)
      multi_json (~> 1.0, >= 1.0.2)
    warden (1.2.1)
      rack (>= 1.0)

PLATFORMS
  ruby

DEPENDENCIES
  bootstrap-sass
  coffee-rails (~> 3.2.1)
  devise
  jquery-rails
  linkeddata
  rails (= 3.2.12)
  rdf
  rdf-turtle
  sass-rails (~> 3.2.3)
  sqlite3
  thin
  uglifier (>= 1.0.3)
